PATH
  remote: .
  specs:
    castle-middleware (1.0.0)
      castle-rb (< 7.0)

GEM
  remote: https://rubygems.org/
  specs:
    byebug (11.1.3)
    castle-rb (5.0.0)
    coveralls_reborn (0.20.0)
      simplecov (>= 0.18.1, < 0.22.0)
      term-ansicolor (~> 1.6)
      thor (>= 0.20.3, < 2.0)
      tins (~> 1.16)
    diff-lcs (1.4.4)
    docile (1.3.5)
    rake (13.0.3)
    rspec (3.10.0)
      rspec-core (~> 3.10.0)
      rspec-expectations (~> 3.10.0)
      rspec-mocks (~> 3.10.0)
    rspec-core (3.10.1)
      rspec-support (~> 3.10.0)
    rspec-expectations (3.10.1)
      diff-lcs (>= 1.2.0, < 2.0)
      rspec-support (~> 3.10.0)
    rspec-mocks (3.10.1)
      diff-lcs (>= 1.2.0, < 2.0)
      rspec-support (~> 3.10.0)
    rspec-support (3.10.1)
    simplecov (0.21.2)
      docile (~> 1.1)
      simplecov-html (~> 0.11)
      simplecov_json_formatter (~> 0.1)
    simplecov-html (0.12.3)
    simplecov_json_formatter (0.1.2)
    sync (0.5.0)
    term-ansicolor (1.7.1)
      tins (~> 1.0)
    thor (1.0.1)
    tins (1.28.0)
      sync

PLATFORMS
  ruby
  x86_64-darwin-19

DEPENDENCIES
  byebug
  castle-middleware!
  coveralls_reborn
  rake
  rspec

BUNDLED WITH
   2.2.1
