PATH
  remote: .
  specs:
    castle-middleware (0.0.1)
      castle-rb (< 4.0)

GEM
  remote: https://rubygems.org/
  specs:
    byebug (10.0.0)
    castle-rb (3.4.2)
    coveralls_reborn (0.10.0)
      json (~> 2.1)
      simplecov (~> 0.15.1)
      term-ansicolor (~> 1.3)
      thor (~> 0.20.0)
      tins (~> 1.6)
    diff-lcs (1.3)
    docile (1.1.5)
    json (2.1.0)
    rake (12.3.0)
    rspec (3.7.0)
      rspec-core (~> 3.7.0)
      rspec-expectations (~> 3.7.0)
      rspec-mocks (~> 3.7.0)
    rspec-core (3.7.1)
      rspec-support (~> 3.7.0)
    rspec-expectations (3.7.0)
      diff-lcs (>= 1.2.0, < 2.0)
      rspec-support (~> 3.7.0)
    rspec-mocks (3.7.0)
      diff-lcs (>= 1.2.0, < 2.0)
      rspec-support (~> 3.7.0)
    rspec-support (3.7.1)
    simplecov (0.15.1)
      docile (~> 1.1.0)
      json (>= 1.8, < 3)
      simplecov-html (~> 0.10.0)
    simplecov-html (0.10.2)
    term-ansicolor (1.6.0)
      tins (~> 1.0)
    thor (0.20.0)
    tins (1.16.3)

PLATFORMS
  ruby

DEPENDENCIES
  byebug
  castle-middleware!
  coveralls_reborn
  rake
  rspec

BUNDLED WITH
   1.16.1
